GEM
  remote: http://rubygems.org/
  specs:
    abstract (1.0.0)
    actionmailer (3.0.3)
      actionpack (= 3.0.3)
      mail (~> 2.2.9)
    actionpack (3.0.3)
      activemodel (= 3.0.3)
      activesupport (= 3.0.3)
      builder (~> 2.1.2)
      erubis (~> 2.6.6)
      i18n (~> 0.4)
      rack (~> 1.2.1)
      rack-mount (~> 0.6.13)
      rack-test (~> 0.5.6)
      tzinfo (~> 0.3.23)
    activemodel (3.0.3)
      activesupport (= 3.0.3)
      builder (~> 2.1.2)
      i18n (~> 0.4)
    activerecord (3.0.3)
      activemodel (= 3.0.3)
      activesupport (= 3.0.3)
      arel (~> 2.0.2)
      tzinfo (~> 0.3.23)
    activeresource (3.0.3)
      activemodel (= 3.0.3)
      activesupport (= 3.0.3)
    activesupport (3.0.3)
    arel (2.0.6)
    backports (3.6.4)
    builder (2.1.2)
    capistrano (2.15.4)
      highline
      net-scp (>= 1.0.0)
      net-sftp (>= 2.0.0)
      net-ssh (>= 2.0.14)
      net-ssh-gateway (>= 1.1.0)
    celluloid (0.16.0)
      timers (~> 4.0.0)
    connection_pool (2.1.1)
    erubis (2.6.6)
      abstract (>= 1.0.0)
    highline (1.6.21)
    hitimes (1.2.2)
    i18n (0.5.0)
    json (1.8.2)
    mail (2.2.20)
      activesupport (>= 2.3.6)
      i18n (>= 0.4.0)
      mime-types (~> 1.16)
      treetop (~> 1.4.8)
    mime-types (1.16)
    mysql2 (0.2.6)
    net-scp (1.1.2)
      net-ssh (>= 2.6.5)
    net-sftp (2.1.2)
      net-ssh (>= 2.6.5)
    net-ssh (2.7.0)
    net-ssh-gateway (1.2.0)
      net-ssh (>= 2.6.5)
    polyglot (0.3.1)
    rack (1.2.8)
    rack-mount (0.6.14)
      rack (>= 1.0.0)
    rack-test (0.5.7)
      rack (>= 1.0)
    rails (3.0.3)
      actionmailer (= 3.0.3)
      actionpack (= 3.0.3)
      activerecord (= 3.0.3)
      activeresource (= 3.0.3)
      activesupport (= 3.0.3)
      bundler (~> 1.0)
      railties (= 3.0.3)
    railties (3.0.3)
      actionpack (= 3.0.3)
      activesupport (= 3.0.3)
      rake (>= 0.8.7)
      thor (~> 0.14.4)
    rake (0.8.7)
    redis (3.2.0)
    redis-namespace (1.5.1)
      redis (~> 3.0, >= 3.0.4)
    sidekiq (2.17.4)
      celluloid (>= 0.15.2)
      connection_pool (>= 1.0.0)
      json
      redis (>= 3.0.6)
      redis-namespace (>= 1.3.1)
    sinatra (1.2.9)
      backports
      rack (~> 1.1, < 1.5)
      tilt (>= 1.2.2, < 2.0)
    thor (0.14.6)
    tilt (1.4.1)
    timers (4.0.1)
      hitimes
    treetop (1.4.15)
      polyglot
      polyglot (>= 0.3.1)
    tzinfo (0.3.39)

PLATFORMS
  ruby

DEPENDENCIES
  capistrano (= 2.15.4)
  mysql2
  rails (= 3.0.3)
  sidekiq (= 2.17.4)
  sinatra
